GIT
  remote: https://github.com/capistrano/composer.git
  revision: 876298adcf56dacecedb37732a21d0057e001600
  specs:
    capistrano-composer (0.0.6)
      capistrano (>= 3.0.0.pre)

GIT
  remote: https://github.com/capistrano/symfony.git
  revision: 24dc0408cb749ad6cf6279583bc9d62777f9a515
  specs:
    capistrano-symfony (2.0.0)
      capistrano (~> 3.1)
      capistrano-composer (~> 0.0.3)
      capistrano-file-permissions (~> 1.0)

GEM
  remote: https://rubygems.org/
  specs:
    capistrano (3.2.1)
      i18n
      rake (>= 10.0.0)
      sshkit (~> 1.3)
    capistrano-file-permissions (1.0.0)
      capistrano (~> 3.0)
    concurrent-ruby (1.1.10)
    i18n (1.10.0)
      concurrent-ruby (~> 1.0)
    net-scp (1.2.1)
      net-ssh (>= 2.6.5)
    net-ssh (2.9.1)
    rake (10.3.2)
    sshkit (1.4.0)
      net-scp (>= 1.1.2)
      net-ssh (>= 2.8.0)
      term-ansicolor
    term-ansicolor (1.3.0)
      tins (~> 1.0)
    tins (1.3.0)

PLATFORMS
  ruby

DEPENDENCIES
  capistrano (~> 3.2.1)
  capistrano-composer!
  capistrano-symfony!
